GEM
  remote: https://rubygems.org/
  specs:
    actionmailer (4.0.2)
      actionpack (= 4.0.2)
      mail (~> 2.5.4)
    actionpack (4.0.2)
      activesupport (= 4.0.2)
      builder (~> 3.1.0)
      erubis (~> 2.7.0)
      rack (~> 1.5.2)
      rack-test (~> 0.6.2)
    activemodel (4.0.2)
      activesupport (= 4.0.2)
      builder (~> 3.1.0)
    activerecord (4.0.2)
      activemodel (= 4.0.2)
      activerecord-deprecated_finders (~> 1.0.2)
      activesupport (= 4.0.2)
      arel (~> 4.0.0)
    activerecord-deprecated_finders (1.0.4)
    activesupport (4.0.2)
      i18n (~> 0.6, >= 0.6.4)
      minitest (~> 4.2)
      multi_json (~> 1.3)
      thread_safe (~> 0.1)
      tzinfo (~> 0.3.37)
    arel (4.0.2)
    bcrypt (3.1.16)
    better_errors (2.9.1)
      coderay (>= 1.0.0)
      erubi (>= 1.0.0)
      rack (>= 0.9.0)
    binding_of_caller (1.0.0)
      debug_inspector (>= 0.0.1)
    builder (3.1.4)
    coderay (1.1.3)
    coffee-rails (4.0.1)
      coffee-script (>= 2.2.0)
      railties (>= 4.0.0, < 5.0)
    coffee-script (2.4.1)
      coffee-script-source
      execjs
    coffee-script-source (1.12.2)
    concurrent-ruby (1.1.9)
    debug_inspector (1.1.0)
    erubi (1.10.0)
    erubis (2.7.0)
    execjs (2.8.1)
    hike (1.2.3)
    i18n (0.9.5)
      concurrent-ruby (~> 1.0)
    jbuilder (1.5.3)
      activesupport (>= 3.0.0)
      multi_json (>= 1.2.0)
    jquery-rails (3.1.5)
      railties (>= 3.0, < 5.0)
      thor (>= 0.14, < 2.0)
    mail (2.5.5)
      mime-types (~> 1.16)
      treetop (~> 1.4.8)
    method_source (1.0.0)
    mime-types (1.25.1)
    minitest (4.7.5)
    multi_json (1.15.0)
    polyglot (0.3.5)
    pry (0.14.1)
      coderay (~> 1.1)
      method_source (~> 1.0)
    pry-rails (0.3.9)
      pry (>= 0.10.4)
    rack (1.5.5)
    rack-test (0.6.3)
      rack (>= 1.0)
    rails (4.0.2)
      actionmailer (= 4.0.2)
      actionpack (= 4.0.2)
      activerecord (= 4.0.2)
      activesupport (= 4.0.2)
      bundler (>= 1.3.0, < 2.0)
      railties (= 4.0.2)
      sprockets-rails (~> 2.0.0)
    railties (4.0.2)
      actionpack (= 4.0.2)
      activesupport (= 4.0.2)
      rake (>= 0.8.7)
      thor (>= 0.18.1, < 2.0)
    rake (13.0.6)
    rdoc (6.3.2)
    sass (3.2.19)
    sass-rails (4.0.5)
      railties (>= 4.0.0, < 5.0)
      sass (~> 3.2.2)
      sprockets (~> 2.8, < 3.0)
      sprockets-rails (~> 2.0)
    sdoc (2.2.0)
      rdoc (>= 5.0)
    sprockets (2.12.5)
      hike (~> 1.2)
      multi_json (~> 1.0)
      rack (~> 1.0)
      tilt (~> 1.1, != 1.3.0)
    sprockets-rails (2.0.1)
      actionpack (>= 3.0)
      activesupport (>= 3.0)
      sprockets (~> 2.8)
    sqlite3 (1.4.2)
    thor (1.1.0)
    thread_safe (0.3.6)
    tilt (1.4.1)
    treetop (1.4.15)
      polyglot
      polyglot (>= 0.3.1)
    turbolinks (5.2.1)
      turbolinks-source (~> 5.2)
    turbolinks-source (5.2.0)
    tzinfo (0.3.60)
    uglifier (4.2.0)
      execjs (>= 0.3.0, < 3)

PLATFORMS
  ruby

DEPENDENCIES
  bcrypt
  better_errors
  binding_of_caller
  coffee-rails (~> 4.0.0)
  jbuilder (~> 1.2)
  jquery-rails
  pry-rails
  rails (= 4.0.2)
  sass-rails (~> 4.0.0)
  sdoc
  sqlite3
  turbolinks
  uglifier (>= 1.3.0)

BUNDLED WITH
   1.17.2
